GEM
  remote: https://rubygems.org/
  specs:
    jruby-jars (9.0.5.0)
    jruby-rack (1.1.20)
    mustermann (1.1.1)
      ruby2_keywords (~> 0.0.1)
    rack (2.2.3.1)
    rack-protection (2.2.0)
      rack
    rake (11.1.2)
    ruby2_keywords (0.0.5)
    rubyzip (1.2.0)
    sinatra (2.2.0)
      mustermann (~> 1.0)
      rack (~> 2.2)
      rack-protection (= 2.2.0)
      tilt (~> 2.0)
    tilt (2.0.10)
    warbler (2.0.1)
      jruby-jars (>= 9.0.0.0)
      jruby-rack (>= 1.1.1, < 1.3)
      rake (>= 10.1.0)
      rubyzip (~> 1.0, < 1.4)

PLATFORMS
  java
  ruby

DEPENDENCIES
  rack
  sinatra
  warbler (= 2.0.1)

BUNDLED WITH
   1.11.2
