GEM
  remote: https://rubygems.org/
  specs:
    concurrent-ruby (1.0.0)
    concurrent-ruby (1.0.0-java)
    rack (1.6.13)
    jruby-jars (9.3.6.0)
    jruby-rack (1.1.21)
    rack-protection (1.5.3)
      rack
    rake (13.0.6)
    rubyzip (1.3.0)
    sinatra (1.4.7)
      rack (~> 1.5)
      rack-protection (~> 1.4)
      tilt (>= 1.3, < 3)
    tilt (2.0.10)
    warbler (2.0.5)
      jruby-jars (>= 9.0.0.0)
      jruby-rack (>= 1.1.1, < 1.3)
      rake (>= 10.1.0)
      rubyzip (~> 1.0, < 1.4)

PLATFORMS
  java
  ruby

DEPENDENCIES
  concurrent-ruby
  rack
  sinatra
  warbler (= 2.0.5)

BUNDLED WITH
   1.11.2
