GEM
  remote: https://rubygems.org/
  specs:
    concurrent-ruby (1.0.0)
    concurrent-ruby (1.0.0-java)
    jruby-jars (9.3.6.0)
    jruby-rack (1.1.21)
    rack (1.6.13)
    rack-protection (1.5.3)
    mustermann (3.0.0)
      ruby2_keywords (~> 0.0.1)
    rack (2.2.6.4)
    rack-protection (3.0.5)
      rack
    rake (13.0.6)
    ruby2_keywords (0.0.5)
    rubyzip (1.3.0)
    sinatra (3.0.5)
      mustermann (~> 3.0)
      rack (~> 2.2, >= 2.2.4)
      rack-protection (= 3.0.5)
      tilt (~> 2.0)
    tilt (2.1.0)
    warbler (2.0.5)
      jruby-jars (>= 9.0.0.0)
      jruby-rack (>= 1.1.1, < 1.3)
      rake (>= 10.1.0)
      rubyzip (~> 1.0, < 1.4)

PLATFORMS
  java
  ruby

DEPENDENCIES
  concurrent-ruby
  rack
  sinatra
  warbler (= 2.0.5)

BUNDLED WITH
   1.11.2
